{
  "InstitutionName": "University of Arizona",
  "InstitutionalDepartmentName": "Psychology",
  "PowerLineFrequency": 60,
  "ManufacturersModelName": "Neuroscan Synamps2",
  "EEGGround": "AFz",
  "EEGReference": "Between Cz & CPz",
  "EEGChannelCount": 64,
  "TaskName": "Rest",
  "MiscChannelCount": 67,
  "RecordingType": "continuous",
  "RecordingDuration": 493.92,
  "SamplingFrequency": 500,
  "SubjectArtefactDescription": "~~",
  "EOGChannelCount": 0,
  "ECGChannelCount": 0,
  "EMGChannelCount": 0,
  "SoftwareFilters": "n/a"
}